GEM
  remote: https://rubygems.org/
  specs:
    coderay (1.1.1)
    honeybadger-api (1.2.0)
      json
    json (1.8.3)
    method_source (0.8.2)
    pry (0.10.3)
      coderay (~> 1.1.0)
      method_source (~> 0.8.1)
      slop (~> 3.4)
    slop (3.6.0)

PLATFORMS
  ruby

DEPENDENCIES
  honeybadger-api
  pry

BUNDLED WITH
   1.11.2
