GEM
  remote: https://rubygems.org/
  specs:
    honeybadger-api (1.2.0)
      json
    json (1.8.3)

PLATFORMS
  ruby

DEPENDENCIES
  honeybadger-api

BUNDLED WITH
   1.11.2
